GEM
  remote: https://rubygems.org/
  specs:
    CFPropertyList (2.3.6)
    awesome_print (1.7.0)
    claide (1.0.3)
    colored2 (3.1.2)
    excon (0.54.0)
    ffi (1.11.2)
    inquirer (0.2.1)
      term-ansicolor (>= 1.2.2)
    listen (3.1.5)
      rb-fsevent (~> 0.9, >= 0.9.4)
      rb-inotify (~> 0.9, >= 0.9.7)
      ruby_dep (~> 1.2)
    mustache (1.0.5)
    nanaimo (0.2.6)
    paint (1.0.1)
    rb-fsevent (0.10.3)
    rb-inotify (0.10.0)
      ffi (~> 1.0)
    ruby_deep_clone (0.7.4)
    ruby_dep (1.5.0)
    semantic (1.4.1)
    slop (4.7.0)
    term-ansicolor (1.7.1)
      tins (~> 1.0)
    tins (1.22.2)
    xcodegen (0.4.2)
      awesome_print (~> 1.7.0)
      excon (~> 0.54.0)
      inquirer (~> 0.2.1)
      listen (~> 3.1.5)
      mustache (~> 1.0.0)
      paint (~> 1.0.1)
      ruby_deep_clone (~> 0.7.2)
      semantic (~> 1.4.1)
      slop (~> 4.0)
      xcodeproj (~> 1.4.2)
    xcodeproj (1.4.4)
      CFPropertyList (~> 2.3.3)
      claide (>= 1.0.1, < 2.0)
      colored2 (~> 3.1)
      nanaimo (~> 0.2.3)

PLATFORMS
  ruby

DEPENDENCIES
  xcodegen

BUNDLED WITH
   2.0.2
